PATH
  remote: .
  specs:
    securenative (0.1.16)

GEM
  remote: https://rubygems.org/
  specs:
    codecov (0.1.17)
      json
      simplecov
      url
    diff-lcs (1.3)
    docile (1.3.2)
    httpclient (2.8.3)
    json (2.3.0)
    parseconfig (1.0.8)
    rake (12.3.3)
    rspec (3.8.0)
      rspec-core (~> 3.8.0)
      rspec-expectations (~> 3.8.0)
      rspec-mocks (~> 3.8.0)
    rspec-core (3.8.2)
      rspec-support (~> 3.8.0)
    rspec-expectations (3.8.4)
      diff-lcs (>= 1.2.0, < 2.0)
      rspec-support (~> 3.8.0)
    rspec-mocks (3.8.1)
      diff-lcs (>= 1.2.0, < 2.0)
      rspec-support (~> 3.8.0)
    rspec-support (3.8.2)
    simplecov (0.18.5)
      docile (~> 1.1)
      simplecov-html (~> 0.11)
    simplecov-html (0.12.2)
    url (0.3.2)

PLATFORMS
  ruby

DEPENDENCIES
  bundler (~> 2.0)
  codecov
  httpclient
  parseconfig
  rake
  rspec
  securenative!

BUNDLED WITH
   2.1.0.pre.1
